PATH
  remote: .
  specs:
    prm (0.2.16)
      arr-pm (~> 0.0.11)
      aws-s3 (~> 0.6.3)
      clamp (~> 1.0.0)
      peach (~> 0.5.1)

GEM
  remote: https://rubygems.org/
  remote: https://gem.fury.io/randeffects/
  specs:
    arr-pm (0.0.11)
      cabin (> 0)
    aws-s3 (0.6.3)
      builder
      mime-types
      xml-simple
    builder (3.2.2)
    cabin (0.9.0)
    clamp (1.0.0)
    mime-types (3.1)
      mime-types-data (~> 3.2015)
    mime-types-data (3.2016.0521)
    peach (0.5.1)
    xml-simple (1.1.5)

PLATFORMS
  ruby

DEPENDENCIES
  arr-pm!
  prm!

BUNDLED WITH
   1.12.1
